GEM
  remote: https://rubygems.org/
  specs:
    ffi (1.14.1)
    pocketsphinx-ruby (0.4.0)
      ffi (>= 1.9)

PLATFORMS
  ruby

DEPENDENCIES
  pocketsphinx-ruby

RUBY VERSION
   ruby 2.6.8p205

BUNDLED WITH
   2.3.21
